GEM
  remote: http://rubygems.org/
  specs:
    byebug (9.0.5)
    diff-lcs (1.2.5)
    gosu (0.10.5)
    rspec (2.14.1)
      rspec-core (~> 2.14.0)
      rspec-expectations (~> 2.14.0)
      rspec-mocks (~> 2.14.0)
    rspec-core (2.14.7)
    rspec-expectations (2.14.4)
      diff-lcs (>= 1.1.3, < 2.0)
    rspec-mocks (2.14.4)

PLATFORMS
  ruby

DEPENDENCIES
  byebug
  gosu (= 0.10.5)
  rspec

BUNDLED WITH
   1.13.1
